GEM
  remote: http://rubygems.org/
  specs:
    activesupport (3.2.8)
      i18n (~> 0.6)
      multi_json (~> 1.0)
    i18n (0.6.1)
    ib (0.1.4)
      thor (~> 0.15.4)
      xcodeproj (>= 0.2.3)
    motion_model (0.2.5)
    multi_json (1.3.6)
    rake (0.9.2.2)
    sugarcube (0.9.4)
    thor (0.15.4)
    xcodeproj (0.3.4)
      activesupport (~> 3.2.6)

PLATFORMS
  ruby

DEPENDENCIES
  ib
  motion_model
  rake
  sugarcube
